GEM
  remote: https://rubygems.org/
  specs:
    libv8-node (15.14.0.0)
    mini_racer (0.4.0)
      libv8-node (~> 15.14.0.0)

PLATFORMS
  ruby

DEPENDENCIES
  mini_racer

BUNDLED WITH
   1.17.3
